GEM
  remote: https://rubygems.org/
  specs:
    activemodel (4.0.2)
      activesupport (= 4.0.2)
      builder (~> 3.1.0)
    activerecord (4.0.2)
      activemodel (= 4.0.2)
      activerecord-deprecated_finders (~> 1.0.2)
      activesupport (= 4.0.2)
      arel (~> 4.0.0)
    activerecord-deprecated_finders (1.0.3)
    activesupport (4.0.2)
      i18n (~> 0.6, >= 0.6.4)
      minitest (~> 4.2)
      multi_json (~> 1.3)
      thread_safe (~> 0.1)
      tzinfo (~> 0.3.37)
    arel (4.0.1)
    atomic (1.1.14)
    backports (3.5.0)
    bond (0.4.3)
    builder (3.1.4)
    database_cleaner (1.2.0)
    docile (1.1.2)
    enumerize (0.7.0)
      activesupport (>= 3.2)
    i18n (0.6.9)
    jbuilder (2.0.2)
      activesupport (>= 3.0.0)
      multi_json (>= 1.2.0)
    minitest (4.7.5)
    multi_json (1.8.2)
    rack (1.5.2)
    rack-protection (1.5.1)
      rack
    rack-test (0.6.2)
      rack (>= 1.0)
    rake (10.1.0)
    ripl (0.7.0)
      bond (~> 0.4.2)
    ripl-multi_line (0.3.1)
      ripl (>= 0.3.6)
    ripl-rack (0.2.0)
      rack (>= 1.0)
      rack-test (>= 0.5)
      ripl (>= 0.3.5)
    shotgun (0.9)
      rack (>= 1.0)
    simplecov (0.8.2)
      docile (~> 1.1.0)
      multi_json
      simplecov-html (~> 0.8.0)
    simplecov-html (0.8.0)
    sinatra (1.4.4)
      rack (~> 1.4)
      rack-protection (~> 1.4)
      tilt (~> 1.3, >= 1.3.4)
    sinatra-activerecord (1.2.3)
      activerecord (>= 3.0)
      sinatra (~> 1.0)
    sinatra-contrib (1.4.2)
      backports (>= 2.0)
      multi_json
      rack-protection
      rack-test
      sinatra (~> 1.4.0)
      tilt (~> 1.3)
    sinatra-param (1.0.3)
      sinatra (~> 1.3)
    sqlite3 (1.3.8)
    thread_safe (0.1.3)
      atomic
    tilt (1.4.1)
    tilt-jbuilder (0.5.3)
      jbuilder
      tilt (<= 1.4.1)
    tux (0.3.0)
      ripl (>= 0.3.5)
      ripl-multi_line (>= 0.2.4)
      ripl-rack (>= 0.2.0)
      sinatra (>= 1.2.1)
    tzinfo (0.3.38)

PLATFORMS
  ruby

DEPENDENCIES
  activerecord
  activesupport
  database_cleaner
  enumerize
  jbuilder
  minitest
  rake
  shotgun
  simplecov
  sinatra
  sinatra-activerecord
  sinatra-contrib
  sinatra-param
  sqlite3
  tilt-jbuilder (>= 0.4.0)
  tux
